PATH
  remote: .
  specs:
    signature (0.1.9)

GEM
  remote: https://rubygems.org/
  specs:
    bacon (1.2.0)
    coderay (1.1.0)
    diff-lcs (1.2.5)
    em-spec (0.2.6)
      bacon
      eventmachine
      rspec (> 2.6.0)
      test-unit
    eventmachine (1.0.3)
    method_source (0.8.2)
    pry (0.9.12.6)
      coderay (~> 1.0)
      method_source (~> 0.8)
      slop (~> 3.4)
    rspec (2.14.1)
      rspec-core (~> 2.14.0)
      rspec-expectations (~> 2.14.0)
      rspec-mocks (~> 2.14.0)
    rspec-core (2.14.8)
    rspec-expectations (2.14.5)
      diff-lcs (>= 1.1.3, < 2.0)
    rspec-mocks (2.14.6)
    slop (3.5.0)
    test-unit (2.5.5)

PLATFORMS
  ruby

DEPENDENCIES
  em-spec
  pry
  rspec
  signature!
